GEM
  remote: https://rubygems.org/
  specs:
    ffi (1.9.10)
    levenshtein (0.2.2)
    natto (1.1.1)
      ffi (>= 1.9.0)

PLATFORMS
  ruby

DEPENDENCIES
  levenshtein
  natto

BUNDLED WITH
   1.13.6
